PATH
  remote: .
  specs:
    cuda-convolve (0.0.1)

GEM
  remote: https://rubygems.org/
  specs:
    numo-narray (0.9.2.0)

PLATFORMS
  x86_64-linux

DEPENDENCIES
  cuda-convolve!
  numo-narray

BUNDLED WITH
   2.2.22
