PATH
  remote: .
  specs:
    cuda-convolve (0.0.1)

GEM
  remote: https://rubygems.org/
  specs:

PLATFORMS
  x86_64-linux

DEPENDENCIES
  cuda-convolve!

BUNDLED WITH
   2.2.22
