PATH
  remote: .
  specs:
    cuda-convolve (0.0.1)

GEM
  remote: https://rubygems.org/
  specs:
    rake (13.0.6)
    rake-compiler (1.1.1)
      rake

PLATFORMS
  x86_64-linux

DEPENDENCIES
  cuda-convolve!
  rake
  rake-compiler

BUNDLED WITH
   2.2.22
